PATH
  remote: .
  specs:
    bootstrap_unify (0.0.1)

GEM
  remote: https://rubygems.org/
  specs:
    sqlite3 (1.3.10)

PLATFORMS
  ruby

DEPENDENCIES
  bootstrap_unify!
  sqlite3
